GEM
  remote: https://rubygems.org/
  specs:
    ansi (1.5.0)
    builder (3.2.4)
    debug (1.6.2)
      irb (>= 1.3.6)
      reline (>= 0.3.1)
    io-console (0.5.11)
    irb (1.4.2)
      reline (>= 0.3.0)
    minitest (5.16.1)
    minitest-reporters (1.5.0)
      ansi
      builder
      minitest (>= 5.0)
      ruby-progressbar
    rake (13.0.6)
    reline (0.3.1)
      io-console (~> 0.5)
    ruby-progressbar (1.11.0)

PLATFORMS
  ruby

DEPENDENCIES
  debug
  minitest-reporters
  rake (~> 13.0.0)

BUNDLED WITH
   2.1.4
